GEM
  remote: https://rubygems.org/
  specs:
    CFPropertyList (2.2.8)
    base64 (0.1.1)
    bcrypt_pbkdf (1.1.0)
    beaker (5.5.0)
      bcrypt_pbkdf (>= 1.0, < 2.0)
      beaker-hostgenerator (~> 2.0)
      ed25519 (>= 1.2, < 2.0)
      hocon (~> 1.0)
      in-parallel (>= 0.1, < 2.0)
      inifile (~> 3.0)
      minitar (~> 0.6)
      minitest (~> 5.4)
      net-scp (>= 1.2, < 5.0)
      net-ssh (~> 7.1)
      rexml (~> 3.2, >= 3.2.5)
      rsync (~> 1.0.9)
      stringify-hash (~> 0.0)
      thor (>= 1.0.1, < 2.0)
    beaker-hostgenerator (2.6.0)
      deep_merge (~> 1.0)
    beaker-rspec (8.1.0)
      beaker (>= 4.0, < 6)
      rspec (~> 3.0)
      serverspec (~> 2)
      specinfra (~> 2)
    deep_merge (1.2.2)
    diff-lcs (1.5.0)
    docile (1.1.5)
    domain_name (0.5.25)
      unf (>= 0.0.5, < 1.0.0)
    ed25519 (1.3.0)
    facter (2.4.4)
      CFPropertyList (~> 2.2.6)
    faraday (2.7.11)
      base64
      faraday-net_http (>= 2.0, < 3.1)
      ruby2_keywords (>= 0.0.4)
    faraday-follow_redirects (0.3.0)
      faraday (>= 1, < 3)
    faraday-net_http (3.0.2)
    hiera (3.0.5)
      json_pure
    hocon (1.4.0)
    http-cookie (1.0.2)
      domain_name (~> 0.5)
    in-parallel (1.0.1)
    inifile (3.0.0)
    json (1.8.6)
    json_pure (1.8.3)
    librarian-puppet (5.0.0)
      librarianp (>= 0.6.3)
      puppet_forge (>= 2.1, < 5)
      rsync
    librarianp (1.1.2)
      thor (~> 1.0)
    metaclass (0.0.4)
    mime-types (2.99.3)
    minitar (0.9)
    minitest (5.20.0)
    mocha (1.1.0)
      metaclass (~> 0.0.1)
    multi_json (1.15.0)
    net-scp (4.0.0)
      net-ssh (>= 2.6.5, < 8.0.0)
    net-ssh (7.2.0)
    net-telnet (0.1.1)
    netrc (0.11.0)
    puppet (4.3.1)
      facter (> 2.0, < 4)
      hiera (>= 2.0, < 4)
      json_pure
    puppet-blacksmith (3.3.1)
      puppet (>= 2.7.16)
      rest-client
    puppet-lint (1.1.0)
    puppet-syntax (2.0.0)
      rake
    puppet_forge (4.1.0)
      faraday (~> 2.0)
      faraday-follow_redirects (~> 0.3.0)
      minitar
      semantic_puppet (~> 1.0)
    puppetlabs_spec_helper (0.10.3)
      mocha
      puppet-lint
      puppet-syntax
      rake
      rspec-puppet
    rake (10.4.2)
    rest-client (1.8.0)
      http-cookie (>= 1.0.2, < 2.0)
      mime-types (>= 1.16, < 3.0)
      netrc (~> 0.7)
    rexml (3.2.6)
    rspec (3.12.0)
      rspec-core (~> 3.12.0)
      rspec-expectations (~> 3.12.0)
      rspec-mocks (~> 3.12.0)
    rspec-core (3.12.2)
      rspec-support (~> 3.12.0)
    rspec-expectations (3.12.3)
      diff-lcs (>= 1.2.0, < 2.0)
      rspec-support (~> 3.12.0)
    rspec-its (1.3.0)
      rspec-core (>= 3.0.0)
      rspec-expectations (>= 3.0.0)
    rspec-mocks (3.12.6)
      diff-lcs (>= 1.2.0, < 2.0)
      rspec-support (~> 3.12.0)
    rspec-puppet (2.3.0)
      rspec
    rspec-support (3.12.1)
    rsync (1.0.9)
    ruby2_keywords (0.0.5)
    semantic_puppet (1.1.0)
    serverspec (2.42.3)
      multi_json
      rspec (~> 3.0)
      rspec-its
      specinfra (~> 2.72)
    sfl (2.3)
    simplecov (0.11.1)
      docile (~> 1.1.0)
      json (~> 1.8)
      simplecov-html (~> 0.10.0)
    simplecov-html (0.10.0)
    specinfra (2.87.0)
      net-scp
      net-ssh (>= 2.7)
      net-telnet (= 0.1.1)
      sfl
    stringify-hash (0.0.2)
    thor (1.2.2)
    unf (0.1.4)
      unf_ext
    unf_ext (0.0.8.2)

PLATFORMS
  ruby

DEPENDENCIES
  beaker-rspec (>= 5.4.0)
  librarian-puppet (>= 2.2.3)
  puppet (>= 2.7)
  puppet-blacksmith (>= 3.3.1)
  puppet-lint (>= 1.1.0)
  puppetlabs_spec_helper (>= 0.8.0)
  rake
  rspec-puppet (>= 2.1.0)
  simplecov

BUNDLED WITH
   2.1.4
