GIT
  remote: https://github.com/rodjek/rspec-puppet.git
  revision: 6d812bca89930354457d9fa06bafb28c62a17ccd
  specs:
    rspec-puppet (2.2.1.pre)
      rspec

GEM
  remote: https://rubygems.org/
  specs:
    CFPropertyList (2.2.8)
    addressable (2.8.5)
      public_suffix (>= 2.0.2, < 6.0)
    ansi (1.5.0)
    ast (2.1.0)
    astrolabe (1.3.1)
      parser (~> 2.2)
    aws-eventstream (1.2.0)
    aws-partitions (1.850.0)
    aws-sdk-core (3.186.0)
      aws-eventstream (~> 1, >= 1.0.2)
      aws-partitions (~> 1, >= 1.651.0)
      aws-sigv4 (~> 1.5)
      jmespath (~> 1, >= 1.6.1)
    aws-sdk-ec2 (1.420.0)
      aws-sdk-core (~> 3, >= 3.184.0)
      aws-sigv4 (~> 1.1)
    aws-sigv4 (1.6.1)
      aws-eventstream (~> 1, >= 1.0.2)
    backports (3.6.7)
    beaker (3.22.0)
      beaker-aws (~> 0.1)
      beaker-docker (~> 0.1)
      beaker-google (~> 0.1)
      beaker-hiera (~> 0.0)
      beaker-hostgenerator
      beaker-openstack (~> 0.1)
      beaker-puppet (~> 0.0)
      beaker-vagrant (~> 0.1)
      beaker-vmpooler (~> 0.1)
      beaker-vmware (~> 0.1)
      hocon (~> 1.0)
      in-parallel (~> 0.1)
      inifile (~> 3.0)
      minitar (~> 0.6)
      minitest (~> 5.4)
      net-scp (~> 1.2)
      net-ssh (~> 4.0)
      nokogiri (~> 1.8.0)
      open_uri_redirections (~> 0.2.1)
      rsync (~> 1.0.9)
      stringify-hash (~> 0.0)
      thor (~> 0.19)
    beaker-aws (0.9.0)
      aws-partitions (~> 1.91)
      aws-sdk-ec2 (~> 1.35)
      stringify-hash (~> 0.0.0)
    beaker-docker (0.8.4)
      docker-api (~> 2.1)
      stringify-hash (~> 0.0.0)
    beaker-google (0.3.0)
      google-api-client (~> 0.8)
      stringify-hash (~> 0.0.0)
    beaker-hiera (0.2.0)
      stringify-hash (~> 0.0.0)
    beaker-hostgenerator (2.8.0)
      deep_merge (~> 1.0)
    beaker-openstack (0.3.0)
      fog-openstack (~> 1.0.0)
      stringify-hash (~> 0.0.0)
    beaker-puppet (0.17.1)
      in-parallel (~> 0.1)
      oga
      stringify-hash (~> 0.0.0)
    beaker-puppet_install_helper (0.9.4)
      beaker (>= 2.0)
    beaker-rspec (7.1.0)
      beaker (> 3.0)
      rspec (~> 3.0)
      serverspec (~> 2)
      specinfra (~> 2)
    beaker-vagrant (0.7.1)
    beaker-vmpooler (0.2.0)
      rbvmomi (~> 1.9)
      stringify-hash (~> 0.0.0)
    beaker-vmware (0.3.0)
      fission (~> 0.4)
      rbvmomi (~> 1.9)
      stringify-hash (~> 0.0.0)
    builder (3.2.4)
    coderay (1.1.0)
    colorize (0.7.7)
    declarative (0.0.20)
    deep_merge (1.2.2)
    diff-lcs (1.5.0)
    docile (1.1.5)
    docker-api (2.2.0)
      excon (>= 0.47.0)
      multi_json
    domain_name (0.5.25)
      unf (>= 0.0.5, < 1.0.0)
    ethon (0.8.0)
      ffi (>= 1.3.0)
    excon (0.104.0)
    facter (2.4.4)
      CFPropertyList (~> 2.2.6)
    facterdb (0.3.0)
      facter
      jgrep
      json
    faraday (0.9.2)
      multipart-post (>= 1.2, < 3)
    faraday_middleware (0.10.0)
      faraday (>= 0.7.4, < 0.10)
    ffi (1.9.10)
    fission (0.5.0)
      CFPropertyList (~> 2.2)
    fog-core (2.3.0)
      builder
      excon (~> 0.71)
      formatador (>= 0.2, < 2.0)
      mime-types
    fog-json (1.2.0)
      fog-core
      multi_json (~> 1.10)
    fog-openstack (1.0.11)
      fog-core (~> 2.1)
      fog-json (>= 1.0)
      ipaddress (>= 0.8)
    formatador (1.1.0)
    gh (0.14.0)
      addressable
      backports
      faraday (~> 0.8)
      multi_json (~> 1.0)
      net-http-persistent (>= 2.7)
      net-http-pipeline
    google-api-client (0.32.1)
      addressable (~> 2.5, >= 2.5.1)
      googleauth (>= 0.5, < 0.10.0)
      httpclient (>= 2.8.1, < 3.0)
      mini_mime (~> 1.0)
      representable (~> 3.0)
      retriable (>= 2.0, < 4.0)
      signet (~> 0.10)
    googleauth (0.5.1)
      faraday (~> 0.9)
      jwt (~> 1.4)
      logging (~> 2.0)
      memoist (~> 0.12)
      multi_json (~> 1.11)
      os (~> 0.9)
      signet (~> 0.7)
    guard (2.13.0)
      formatador (>= 0.2.4)
      listen (>= 2.7, <= 4.0)
      lumberjack (~> 1.0)
      nenv (~> 0.1)
      notiffany (~> 0.0)
      pry (>= 0.9.12)
      shellany (~> 0.0)
      thor (>= 0.18.1)
    guard-rake (1.0.0)
      guard
      rake
    hiera (1.3.4)
      json_pure
    highline (1.7.10)
    hirb (0.7.3)
    hocon (1.4.0)
    http-cookie (1.0.2)
      domain_name (~> 0.5)
    httpclient (2.8.3)
    in-parallel (0.1.17)
    inifile (3.0.0)
    ipaddress (0.8.3)
    jgrep (1.4.0)
      json
    jmespath (1.6.2)
    json (1.8.6)
    json_pure (1.8.3)
    jwt (1.5.6)
    launchy (2.5.2)
      addressable (~> 2.8)
    listen (3.0.5)
      rb-fsevent (>= 0.9.3)
      rb-inotify (>= 0.9)
    little-plugger (1.1.4)
    logging (2.3.1)
      little-plugger (~> 1.1)
      multi_json (~> 1.14)
    lumberjack (1.0.9)
    memoist (0.16.2)
    metaclass (0.0.4)
    metadata-json-lint (0.0.11)
      json
      spdx-licenses (~> 1.0)
    method_source (0.8.2)
    mime-types (2.99.3)
    mini_mime (1.1.5)
    mini_portile2 (2.3.0)
    minitar (0.9)
    minitest (5.20.0)
    mocha (1.1.0)
      metaclass (~> 0.0.1)
    multi_json (1.15.0)
    multipart-post (2.3.0)
    nenv (0.2.0)
    net-http-persistent (2.9.4)
    net-http-pipeline (1.0.1)
    net-scp (1.2.1)
      net-ssh (>= 2.6.5)
    net-ssh (4.2.0)
    net-telnet (0.1.1)
    netrc (0.11.0)
    nokogiri (1.8.5)
      mini_portile2 (~> 2.3.0)
    notiffany (0.0.8)
      nenv (~> 0.1)
      shellany (~> 0.0)
    oga (3.4)
      ast
      ruby-ll (~> 2.1)
    open_uri_redirections (0.2.1)
    os (0.9.6)
    parser (2.2.3.0)
      ast (>= 1.1, < 3.0)
    powerpack (0.1.1)
    pry (0.9.12.6)
      coderay (~> 1.0)
      method_source (~> 0.8)
      slop (~> 3.4)
    public_suffix (5.0.3)
    puppet (3.8.4)
      facter (> 1.6, < 3)
      hiera (~> 1.0)
      json_pure
    puppet-blacksmith (3.3.1)
      puppet (>= 2.7.16)
      rest-client
    puppet-lint (1.1.0)
    puppet-lint-absolute_classname-check (0.1.3)
      puppet-lint (~> 1.0)
    puppet-lint-classes_and_types_beginning_with_digits-check (0.1.0)
      puppet-lint (~> 1.0)
    puppet-lint-leading_zero-check (0.1.0)
      puppet-lint (~> 1.0)
    puppet-lint-trailing_comma-check (0.3.1)
      puppet-lint (~> 1.0)
    puppet-lint-unquoted_string-check (0.2.5)
      puppet-lint (~> 1.0)
    puppet-lint-version_comparison-check (0.1.2)
      puppet-lint (~> 1.0)
    puppet-syntax (2.0.0)
      rake
    puppetlabs_spec_helper (0.10.3)
      mocha
      puppet-lint
      puppet-syntax
      rake
      rspec-puppet
    pusher-client (0.6.2)
      json
      websocket (~> 1.0)
    rainbow (2.0.0)
    rake (10.4.2)
    rb-fsevent (0.9.6)
    rb-inotify (0.9.5)
      ffi (>= 0.5.0)
    rbvmomi (1.13.0)
      builder (~> 3.0)
      json (>= 1.8)
      nokogiri (~> 1.5)
      trollop (~> 2.1)
    representable (3.2.0)
      declarative (< 0.1.0)
      trailblazer-option (>= 0.1.1, < 0.2.0)
      uber (< 0.2.0)
    rest-client (1.8.0)
      http-cookie (>= 1.0.2, < 2.0)
      mime-types (>= 1.16, < 3.0)
      netrc (~> 0.7)
    retriable (3.1.2)
    rspec (3.1.0)
      rspec-core (~> 3.1.0)
      rspec-expectations (~> 3.1.0)
      rspec-mocks (~> 3.1.0)
    rspec-core (3.1.7)
      rspec-support (~> 3.1.0)
    rspec-expectations (3.1.2)
      diff-lcs (>= 1.2.0, < 2.0)
      rspec-support (~> 3.1.0)
    rspec-its (1.3.0)
      rspec-core (>= 3.0.0)
      rspec-expectations (>= 3.0.0)
    rspec-mocks (3.1.3)
      rspec-support (~> 3.1.0)
    rspec-puppet-facts (1.3.0)
      facter
      facterdb (>= 0.3.0)
      json
      puppet
    rspec-support (3.1.2)
    rsync (1.0.9)
    rubocop (0.33.0)
      astrolabe (~> 1.3)
      parser (>= 2.2.2.5, < 3.0)
      powerpack (~> 0.1)
      rainbow (>= 1.99.1, < 3.0)
      ruby-progressbar (~> 1.4)
    ruby-ll (2.1.3)
      ansi
      ast
    ruby-progressbar (1.7.5)
    serverspec (2.42.3)
      multi_json
      rspec (~> 3.0)
      rspec-its
      specinfra (~> 2.72)
    sfl (2.3)
    shellany (0.0.1)
    signet (0.12.0)
      addressable (~> 2.3)
      faraday (~> 0.9)
      jwt (>= 1.5, < 3.0)
      multi_json (~> 1.10)
    simplecov (0.11.0)
      docile (~> 1.1.0)
      json (~> 1.8)
      simplecov-html (~> 0.10.0)
    simplecov-console (0.2.0)
      colorize
      hirb
      simplecov
    simplecov-html (0.10.0)
    slop (3.6.0)
    spdx-licenses (1.0.0)
      json
    specinfra (2.87.0)
      net-scp
      net-ssh (>= 2.7)
      net-telnet (= 0.1.1)
      sfl
    stringify-hash (0.0.2)
    thor (0.19.1)
    trailblazer-option (0.1.2)
    travis (1.8.0)
      addressable (~> 2.3)
      backports
      faraday (~> 0.9)
      faraday_middleware (~> 0.9, >= 0.9.1)
      gh (~> 0.13)
      highline (~> 1.6)
      launchy (~> 2.1)
      pry (~> 0.9, < 0.10)
      pusher-client (~> 0.4)
      typhoeus (~> 0.6, >= 0.6.8)
    travis-lint (2.0.0)
      json
    trollop (2.9.10)
    typhoeus (0.8.0)
      ethon (>= 0.8.0)
    uber (0.1.0)
    unf (0.1.4)
      unf_ext
    unf_ext (0.0.9)
    websocket (1.2.2)

PLATFORMS
  ruby

DEPENDENCIES
  beaker (>= 2.30.0)
  beaker-puppet_install_helper (>= 0.4.1)
  beaker-rspec (>= 5.0.0)
  guard-rake
  metadata-json-lint
  puppet (~> 3.8.0)
  puppet-blacksmith
  puppet-lint-absolute_classname-check
  puppet-lint-classes_and_types_beginning_with_digits-check
  puppet-lint-leading_zero-check
  puppet-lint-trailing_comma-check
  puppet-lint-unquoted_string-check
  puppet-lint-version_comparison-check
  puppetlabs_spec_helper
  rake
  rspec (< 3.2.0)
  rspec-puppet!
  rspec-puppet-facts
  rubocop (= 0.33.0)
  simplecov
  simplecov-console
  travis
  travis-lint

BUNDLED WITH
   1.17.3
